PATH
  remote: .
  specs:
    just-the-docs (0.10.1)
      jekyll (>= 3.8.5)
      jekyll-include-cache
      jekyll-seo-tag (>= 2.0)
      rake (>= 12.3.1)

GEM
  remote: https://rubygems.org/
  specs:
    Ascii85 (1.1.0)
    addressable (2.8.6)
      public_suffix (>= 2.0.2, < 6.0)
    afm (0.2.2)
    async (2.11.0)
      console (~> 1.25, >= 1.25.2)
      fiber-annotation
      io-event (~> 1.5, >= 1.5.1)
      timers (~> 4.1)
    axe-core-api (4.9.1)
      dumb_delegator
      virtus
    axe-core-capybara (4.9.1)
      axe-core-api (= 4.9.1)
      dumb_delegator
    axe-core-rspec (4.9.1)
      axe-core-api (= 4.9.1)
      dumb_delegator
      virtus
    axiom-types (0.1.1)
      descendants_tracker (~> 0.0.4)
      ice_nine (~> 0.11.0)
      thread_safe (~> 0.3, >= 0.3.1)
    base64 (0.2.0)
    bigdecimal (3.1.8)
    capybara (3.40.0)
      addressable
      matrix
      mini_mime (>= 0.1.3)
      nokogiri (~> 1.11)
      rack (>= 1.6.0)
      rack-test (>= 0.6.3)
      regexp_parser (>= 1.5, < 3.0)
      xpath (~> 3.2)
    capybara-screenshot (1.0.26)
      capybara (>= 1.0, < 4)
      launchy
    childprocess (5.1.0)
      logger (~> 1.5)
    coercible (1.0.0)
      descendants_tracker (~> 0.0.1)
    colorator (1.1.0)
    concurrent-ruby (1.2.3)
    console (1.25.2)
      fiber-annotation
      fiber-local (~> 1.1)
      json
    descendants_tracker (0.0.4)
      thread_safe (~> 0.3, >= 0.3.1)
    diff-lcs (1.5.1)
    dumb_delegator (1.0.0)
    em-websocket (0.5.3)
      eventmachine (>= 0.12.9)
      http_parser.rb (~> 0)
    ethon (0.16.0)
      ffi (>= 1.15.0)
    eventmachine (1.2.7)
    faraday (2.9.0)
      faraday-net_http (>= 2.0, < 3.2)
    faraday-net_http (3.1.0)
      net-http
    ffi (1.16.3)
    fiber-annotation (0.2.0)
    fiber-local (1.1.0)
      fiber-storage
    fiber-storage (0.1.0)
    forwardable-extended (2.6.0)
    google-protobuf (4.26.1-arm64-darwin)
      rake (>= 13)
    google-protobuf (4.26.1-x86_64-linux)
      rake (>= 13)
    hashery (2.1.2)
    html-proofer (5.0.9)
      addressable (~> 2.3)
      async (~> 2.1)
      nokogiri (~> 1.13)
      pdf-reader (~> 2.11)
      rainbow (~> 3.0)
      typhoeus (~> 1.3)
      yell (~> 2.0)
      zeitwerk (~> 2.5)
    http_parser.rb (0.8.0)
    i18n (1.14.4)
      concurrent-ruby (~> 1.0)
    ice_nine (0.11.2)
    io-event (1.5.1)
    jekyll (4.3.3)
      addressable (~> 2.4)
      colorator (~> 1.0)
      em-websocket (~> 0.5)
      i18n (~> 1.0)
      jekyll-sass-converter (>= 2.0, < 4.0)
      jekyll-watch (~> 2.0)
      kramdown (~> 2.3, >= 2.3.1)
      kramdown-parser-gfm (~> 1.0)
      liquid (~> 4.0)
      mercenary (>= 0.3.6, < 0.5)
      pathutil (~> 0.9)
      rouge (>= 3.0, < 5.0)
      safe_yaml (~> 1.0)
      terminal-table (>= 1.8, < 4.0)
      webrick (~> 1.7)
    jekyll-github-metadata (2.16.1)
      jekyll (>= 3.4, < 5.0)
      octokit (>= 4, < 7, != 4.4.0)
    jekyll-include-cache (0.2.1)
      jekyll (>= 3.7, < 5.0)
    jekyll-sass-converter (3.0.0)
      sass-embedded (~> 1.54)
    jekyll-seo-tag (2.8.0)
      jekyll (>= 3.8, < 5.0)
    jekyll-sitemap (1.4.0)
      jekyll (>= 3.7, < 5.0)
    jekyll-watch (2.2.1)
      listen (~> 3.0)
    json (2.7.2)
    kramdown (2.4.0)
      rexml
    kramdown-parser-gfm (1.1.0)
      kramdown (~> 2.0)
    launchy (3.0.1)
      addressable (~> 2.8)
      childprocess (~> 5.0)
    liquid (4.0.4)
    listen (3.9.0)
      rb-fsevent (~> 0.10, >= 0.10.3)
      rb-inotify (~> 0.9, >= 0.9.10)
    logger (1.6.0)
    matrix (0.4.2)
    mercenary (0.4.0)
    mini_mime (1.1.5)
    net-http (0.4.1)
      uri
    nokogiri (1.16.5-arm64-darwin)
      racc (~> 1.4)
    nokogiri (1.16.5-x86_64-linux)
      racc (~> 1.4)
    octokit (6.1.1)
      faraday (>= 1, < 3)
      sawyer (~> 0.9)
    pathutil (0.16.2)
      forwardable-extended (~> 2.6)
    pdf-reader (2.12.0)
      Ascii85 (~> 1.0)
      afm (~> 0.2.1)
      hashery (~> 2.0)
      ruby-rc4
      ttfunk
    public_suffix (5.0.5)
    racc (1.7.3)
    rack (3.1.7)
    rack-test (2.1.0)
      rack (>= 1.3)
    rackup (2.1.0)
      rack (>= 3)
      webrick (~> 1.8)
    rainbow (3.1.1)
    rake (13.2.1)
    rb-fsevent (0.11.2)
    rb-inotify (0.10.1)
      ffi (~> 1.0)
    regexp_parser (2.9.2)
    rexml (3.3.6)
      strscan
    rouge (4.2.1)
    rspec (3.13.0)
      rspec-core (~> 3.13.0)
      rspec-expectations (~> 3.13.0)
      rspec-mocks (~> 3.13.0)
    rspec-core (3.13.0)
      rspec-support (~> 3.13.0)
    rspec-expectations (3.13.1)
      diff-lcs (>= 1.2.0, < 2.0)
      rspec-support (~> 3.13.0)
    rspec-mocks (3.13.1)
      diff-lcs (>= 1.2.0, < 2.0)
      rspec-support (~> 3.13.0)
    rspec-support (3.13.1)
    ruby-rc4 (0.1.5)
    rubyzip (2.3.2)
    safe_yaml (1.0.5)
    sass-embedded (1.75.0-arm64-darwin)
      google-protobuf (>= 3.25, < 5.0)
    sass-embedded (1.75.0-x86_64-linux-gnu)
      google-protobuf (>= 3.25, < 5.0)
    sawyer (0.9.2)
      addressable (>= 2.3.5)
      faraday (>= 0.17.3, < 3)
    selenium-webdriver (4.23.0)
      base64 (~> 0.2)
      logger (~> 1.4)
      rexml (~> 3.2, >= 3.2.5)
      rubyzip (>= 1.2.2, < 3.0)
      websocket (~> 1.0)
    strscan (3.1.0)
    terminal-table (3.0.2)
      unicode-display_width (>= 1.1.1, < 3)
    thread_safe (0.3.6)
    timers (4.3.5)
    ttfunk (1.8.0)
      bigdecimal (~> 3.1)
    typhoeus (1.4.1)
      ethon (>= 0.9.0)
    unicode-display_width (2.5.0)
    uri (0.13.0)
    virtus (2.0.0)
      axiom-types (~> 0.1)
      coercible (~> 1.0)
      descendants_tracker (~> 0.0, >= 0.0.3)
    webrick (1.8.1)
    websocket (1.2.11)
    xpath (3.2.0)
      nokogiri (~> 1.8)
    yell (2.2.2)
    zeitwerk (2.6.13)

PLATFORMS
  arm64-darwin
  x86_64-linux-gnu

DEPENDENCIES
  axe-core-capybara
  axe-core-rspec
  bundler (>= 2.3.5)
  capybara
  capybara-screenshot
  html-proofer (~> 5.0)
  jekyll-github-metadata (>= 2.15)
  jekyll-include-cache
  jekyll-sitemap
  just-the-docs!
  rack
  rackup
  rspec
  selenium-webdriver
  webrick

BUNDLED WITH
   2.5.9
